PATH
  remote: .
  specs:
    lavin (0.1.0)

GEM
  remote: https://rubygems.org/
  specs:
    debug (1.6.3)
      irb (>= 1.3.6)
      reline (>= 0.3.1)
    io-console (0.5.11)
    irb (1.4.2)
      reline (>= 0.3.0)
    minitest (5.15.0)
    rake (13.0.6)
    reline (0.3.1)
      io-console (~> 0.5)

PLATFORMS
  x86_64-linux

DEPENDENCIES
  debug
  lavin!
  minitest (~> 5.0)
  rake (~> 13.0)

BUNDLED WITH
   2.2.20
