PATH
  remote: .
  specs:
    lavin (0.1.0)
      async (~> 2.2)

GEM
  remote: https://rubygems.org/
  specs:
    ast (2.4.2)
    async (2.2.1)
      console (~> 1.10)
      io-event (~> 1.1.0)
      timers (~> 4.1)
    console (1.16.2)
      fiber-local
    debug (1.6.3)
      irb (>= 1.3.6)
      reline (>= 0.3.1)
    fiber-local (1.0.0)
    io-console (0.5.11)
    io-event (1.1.2)
    irb (1.4.2)
      reline (>= 0.3.0)
    json (2.6.2)
    minitest (5.15.0)
    parallel (1.22.1)
    parser (3.1.2.1)
      ast (~> 2.4.1)
    rainbow (3.1.1)
    rake (13.0.6)
    regexp_parser (2.6.0)
    reline (0.3.1)
      io-console (~> 0.5)
    rexml (3.2.5)
    rubocop (1.35.1)
      json (~> 2.3)
      parallel (~> 1.10)
      parser (>= 3.1.2.1)
      rainbow (>= 2.2.2, < 4.0)
      regexp_parser (>= 1.8, < 3.0)
      rexml (>= 3.2.5, < 4.0)
      rubocop-ast (>= 1.20.1, < 2.0)
      ruby-progressbar (~> 1.7)
      unicode-display_width (>= 1.4.0, < 3.0)
    rubocop-ast (1.23.0)
      parser (>= 3.1.1.0)
    rubocop-performance (1.14.3)
      rubocop (>= 1.7.0, < 2.0)
      rubocop-ast (>= 0.4.0)
    ruby-progressbar (1.11.0)
    standard (1.16.1)
      rubocop (= 1.35.1)
      rubocop-performance (= 1.14.3)
    timers (4.3.5)
    unicode-display_width (2.3.0)

PLATFORMS
  x86_64-linux

DEPENDENCIES
  debug
  lavin!
  minitest (~> 5.0)
  rake (~> 13.0)
  standard

BUNDLED WITH
   2.2.20
